PATH
  remote: .
  specs:
    re2 (0.6.0.pre)

GEM
  remote: http://rubygems.org/
  specs:
    minitest (2.11.2)
    rake (0.9.2.2)
    rake-compiler (0.8.0)
      rake

PLATFORMS
  ruby

DEPENDENCIES
  minitest
  rake-compiler
  re2!
