PATH
  remote: .
  specs:
    re2 (0.2.0)

GEM
  remote: http://rubygems.org/
  specs:
    rake (0.9.2.2)
    rake-compiler (0.8.0)
      rake

PLATFORMS
  ruby

DEPENDENCIES
  rake-compiler
  re2!
